{
    "Modality": "MR",
    "MagneticFieldStrength": 3,
    "ImagingFrequency": 123.231,
    "Manufacturer": "Siemens",
    "ManufacturersModelName": "Skyra",
    "InstitutionName": "NMKHTS im. Pirogova",
    "InstitutionAddress": "Nizhnyaya Pervomayskaya str.,70 ST,Moscow,Mpscow,RU,105203,",
    "DeviceSerialNumber": "45833",
    "BodyPartExamined": "BRAIN",
    "PatientPosition": "HFS",
    "ProcedureStepDescription": "head^fmri",
    "SoftwareVersions": "syngo MR E11",
    "MRAcquisitionType": "2D",
    "SeriesDescription": "fMRI-RestSt",
    "ProtocolName": "fMRI-RestSt",
    "ScanningSequence": "EP",
    "SequenceVariant": "SK",
    "ScanOptions": "FS",
    "ImageType": [
        "ORIGINAL",
        "PRIMARY",
        "M",
        "ND",
        "MOSAIC"
    ],
    "SeriesNumber": 5,
    "AcquisitionTime": "15:46:12.672500",
    "AcquisitionNumber": 1,
    "SliceThickness": 3,
    "SpacingBetweenSlices": 3.9,
    "EchoTime": 0.03,
    "RepetitionTime": 3,
    "MTState": false,
    "FlipAngle": 90,
    "ReceiveCoilActiveElements": "HE1-4",
    "CoilString": "HeadNeck_20",
    "PartialFourier": 0.984375,
    "PercentPhaseFOV": 100,
    "PercentSampling": 100,
    "EchoTrainLength": 63,
    "AcquisitionMatrixPE": 128,
    "ReconMatrixPE": 128,
    "BandwidthPerPixelPhaseEncode": 22.321,
    "ParallelReductionFactorInPlane": 2,
    "ParallelAcquisitionTechnique": "GRAPPA",
    "EffectiveEchoSpacing": 0.000350007,
    "DerivedVendorReportedEchoSpacing": 0.000700013,
    "TotalReadoutTime": 0.0444509,
    "PixelBandwidth": 1630,
    "PhaseEncodingDirection": "j-",
    "ImageOrientationPatientDICOM": [
        0.998688,
        -0.0489338,
        -0.0151255,
        0.0374929,
        0.899649,
        -0.435
    ],
    "InPlanePhaseEncodingDirectionDICOM": "COL",
    "ConversionSoftware": "dcm2niix",
    "TaskName": "rest",
    "ConversionSoftwareVersion": "v1.0.20211006",
    "Dcm2bidsVersion": "2.1.6"
}
