{
    "Modality": "MR",
    "MagneticFieldStrength": 3,
    "ImagingFrequency": 123.253,
    "Manufacturer": "Siemens",
    "ManufacturersModelName": "Skyra",
    "InstitutionName": "NMKHTS im. Pirogova",
    "InstitutionalDepartmentName": "MRI",
    "InstitutionAddress": "Nizhnyaya Pervomayskaya str.,70 ST,Moscow,Mpscow,RU,105203,",
    "DeviceSerialNumber": "45833",
    "BodyPartExamined": "BRAIN",
    "PatientPosition": "HFS",
    "ProcedureStepDescription": "head^fmri",
    "SoftwareVersions": "syngo MR E11",
    "MRAcquisitionType": "3D",
    "SeriesDescription": "t1_mprage_sag_p2_iso_ORIG",
    "ProtocolName": "t1_mprage_sag_p2_iso",
    "ScanningSequence": "GR\\IR",
    "SequenceVariant": "SK\\SP\\MP",
    "ScanOptions": "IR",
    "SequenceName": "*tfl3d1_16ns",
    "ImageType": [
        "ORIGINAL",
        "PRIMARY",
        "M",
        "ND",
        "NORM"
    ],
    "SeriesNumber": 5,
    "AcquisitionTime": "15:26:47.082500",
    "AcquisitionNumber": 1,
    "SliceThickness": 1,
    "SAR": 0.0913376,
    "EchoTime": 0.00226,
    "RepetitionTime": 2.3,
    "SpoilingState": true,
    "InversionTime": 0.903,
    "FlipAngle": 8,
    "PartialFourier": 1,
    "BaseResolution": 256,
    "ShimSetting": [
        9306,
        -6602,
        -11292,
        -44,
        458,
        -137,
        49,
        -77
    ],
    "TxRefAmp": 398.916,
    "PhaseResolution": 1,
    "ReceiveCoilName": "HeadNeck_20",
    "ReceiveCoilActiveElements": "HE1-4",
    "PulseSequenceDetails": "%SiemensSeq%\\tfl",
    "RefLinesPE": 24,
    "CoilCombinationMethod": "Adaptive Combine",
    "ConsistencyInfo": "N4_VE11A_LATEST_20140830",
    "MatrixCoilMode": "GRAPPA",
    "PercentPhaseFOV": 100,
    "PercentSampling": 100,
    "PhaseEncodingSteps": 255,
    "AcquisitionMatrixPE": 256,
    "ReconMatrixPE": 256,
    "ParallelReductionFactorInPlane": 2,
    "PixelBandwidth": 200,
    "DwellTime": 9.8e-06,
    "ImageOrientationPatientDICOM": [
        0.072031,
        0.997402,
        4.19233e-08,
        0.0214258,
        -0.0015473,
        -0.999769
    ],
    "ImageOrientationText": "Sag>Cor(4.1)>Tra(-1.2)",
    "InPlanePhaseEncodingDirectionDICOM": "ROW",
    "ConversionSoftware": "dcm2niix",
    "ConversionSoftwareVersion": "v1.0.20211006",
    "Dcm2bidsVersion": "2.1.6",
    "IntendedFor": "ses-pre/func/sub-15_ses-pre_task-rest_bold.nii.gz"
}