{
    "Modality": "MR",
    "MagneticFieldStrength": 3,
    "ImagingFrequency": 123.231,
    "Manufacturer": "Siemens",
    "ManufacturersModelName": "Skyra",
    "InstitutionName": "NMKHTS im. Pirogova",
    "InstitutionalDepartmentName": "MRI",
    "InstitutionAddress": "Nizhnyaya Pervomayskaya str.,70 ST,Moscow,Mpscow,RU,105203,",
    "DeviceSerialNumber": "45833",
    "BodyPartExamined": "BRAIN",
    "PatientPosition": "HFS",
    "ProcedureStepDescription": "head^fmri",
    "SoftwareVersions": "syngo MR E11",
    "MRAcquisitionType": "3D",
    "SeriesDescription": "t1_mprage_sag_p2_iso_ORIG",
    "ProtocolName": "t1_mprage_sag_p2_iso",
    "ScanningSequence": "GR\\IR",
    "SequenceVariant": "SK\\SP\\MP",
    "ScanOptions": "IR",
    "SequenceName": "*tfl3d1_16ns",
    "ImageType": [
        "ORIGINAL",
        "PRIMARY",
        "M",
        "ND",
        "NORM"
    ],
    "SeriesNumber": 5,
    "AcquisitionTime": "14:57:4.132500",
    "AcquisitionNumber": 1,
    "SliceThickness": 1,
    "SAR": 0.0807363,
    "EchoTime": 0.00226,
    "RepetitionTime": 2.3,
    "SpoilingState": true,
    "InversionTime": 0.903,
    "FlipAngle": 8,
    "PartialFourier": 1,
    "BaseResolution": 256,
    "ShimSetting": [
        9301,
        -6669,
        -11304,
        -116,
        414,
        -247,
        -21,
        -150
    ],
    "TxRefAmp": 388.176,
    "PhaseResolution": 1,
    "ReceiveCoilName": "HeadNeck_20",
    "ReceiveCoilActiveElements": "HE1-4",
    "PulseSequenceDetails": "%SiemensSeq%\\tfl",
    "RefLinesPE": 24,
    "CoilCombinationMethod": "Adaptive Combine",
    "ConsistencyInfo": "N4_VE11A_LATEST_20140830",
    "MatrixCoilMode": "GRAPPA",
    "PercentPhaseFOV": 100,
    "PercentSampling": 100,
    "PhaseEncodingSteps": 255,
    "AcquisitionMatrixPE": 256,
    "ReconMatrixPE": 256,
    "ParallelReductionFactorInPlane": 2,
    "PixelBandwidth": 200,
    "DwellTime": 9.8e-06,
    "ImageOrientationPatientDICOM": [
        0.0494096,
        0.998779,
        -1.4347e-08,
        0.0401371,
        -0.0019856,
        -0.999192
    ],
    "ImageOrientationText": "Sag>Cor(2.8)>Tra(-2.3)",
    "InPlanePhaseEncodingDirectionDICOM": "ROW",
    "ConversionSoftware": "dcm2niix",
    "ConversionSoftwareVersion": "v1.0.20211006",
    "Dcm2bidsVersion": "2.1.6",
    "IntendedFor": "ses-pre/func/sub-13_ses-pre_task-rest_bold.nii.gz"
}