{
    "Modality": "MR",
    "MagneticFieldStrength": 3,
    "ImagingFrequency": 123.23,
    "Manufacturer": "Siemens",
    "ManufacturersModelName": "Skyra",
    "InstitutionName": "NMKHTS im. Pirogova",
    "InstitutionAddress": "Nizhnyaya Pervomayskaya str.,70 ST,Moscow,Mpscow,RU,105203,",
    "DeviceSerialNumber": "45833",
    "BodyPartExamined": "BRAIN",
    "PatientPosition": "HFS",
    "ProcedureStepDescription": "head^fmri",
    "SoftwareVersions": "syngo MR E11",
    "MRAcquisitionType": "2D",
    "SeriesDescription": "fMRI-RestSt",
    "ProtocolName": "fMRI-RestSt",
    "ScanningSequence": "EP",
    "SequenceVariant": "SK",
    "ScanOptions": "FS",
    "ImageType": [
        "ORIGINAL",
        "PRIMARY",
        "M",
        "ND",
        "MOSAIC"
    ],
    "SeriesNumber": 12,
    "AcquisitionTime": "15:09:4.492500",
    "AcquisitionNumber": 1,
    "SliceThickness": 3,
    "SpacingBetweenSlices": 3.9,
    "EchoTime": 0.03,
    "RepetitionTime": 3,
    "MTState": false,
    "FlipAngle": 90,
    "ReceiveCoilActiveElements": "HE1-4;NE1,2",
    "CoilString": "HeadNeck_20",
    "PartialFourier": 0.984375,
    "PercentPhaseFOV": 100,
    "PercentSampling": 100,
    "EchoTrainLength": 63,
    "AcquisitionMatrixPE": 128,
    "ReconMatrixPE": 128,
    "BandwidthPerPixelPhaseEncode": 22.321,
    "ParallelReductionFactorInPlane": 2,
    "ParallelAcquisitionTechnique": "GRAPPA",
    "EffectiveEchoSpacing": 0.000350007,
    "DerivedVendorReportedEchoSpacing": 0.000700013,
    "TotalReadoutTime": 0.0444509,
    "PixelBandwidth": 1630,
    "PhaseEncodingDirection": "j-",
    "ImageOrientationPatientDICOM": [
        0.999195,
        0.0396868,
        -0.00585645,
        -0.0354165,
        0.941244,
        0.335866
    ],
    "InPlanePhaseEncodingDirectionDICOM": "COL",
    "ConversionSoftware": "dcm2niix",
    "TaskName": "rest",
    "ConversionSoftwareVersion": "v1.0.20211006",
    "Dcm2bidsVersion": "2.1.6",
    "SliceTiming": [
        0.0,
        1.5365853658536583,
        0.07317073170731707,
        1.6097560975609755,
        0.14634146341463414,
        1.6829268292682926,
        0.2195121951219512,
        1.7560975609756095,
        0.2926829268292683,
        1.8292682926829267,
        0.36585365853658536,
        1.9024390243902438,
        0.4390243902439024,
        1.975609756097561,
        0.5121951219512195,
        2.048780487804878,
        0.5853658536585366,
        2.121951219512195,
        0.6585365853658536,
        2.195121951219512,
        0.7317073170731707,
        2.268292682926829,
        0.8048780487804877,
        2.341463414634146,
        0.8780487804878048,
        2.4146341463414633,
        0.9512195121951219,
        2.4878048780487805,
        1.024390243902439,
        2.5609756097560976,
        1.097560975609756,
        2.6341463414634143,
        1.170731707317073,
        2.7073170731707314,
        1.2439024390243902,
        2.7804878048780486,
        1.3170731707317072,
        2.8536585365853657,
        1.3902439024390243,
        2.926829268292683,
        1.4634146341463414
    ]
}