{
    "Modality": "MR",
    "MagneticFieldStrength": 3,
    "ImagingFrequency": 123.254,
    "Manufacturer": "Siemens",
    "ManufacturersModelName": "Skyra",
    "InstitutionName": "NMKHTS im. Pirogova",
    "InstitutionalDepartmentName": "MRI",
    "InstitutionAddress": "Nizhnyaya Pervomayskaya str.,70 ST,Moscow,Mpscow,RU,105203,",
    "DeviceSerialNumber": "45833",
    "BodyPartExamined": "BRAIN",
    "PatientPosition": "HFS",
    "ProcedureStepDescription": "head^fmri",
    "SoftwareVersions": "syngo MR E11",
    "MRAcquisitionType": "3D",
    "SeriesDescription": "t1_mprage_sag_p2_iso_ORIG",
    "ProtocolName": "t1_mprage_sag_p2_iso",
    "ScanningSequence": "GR\\IR",
    "SequenceVariant": "SK\\SP\\MP",
    "ScanOptions": "IR",
    "SequenceName": "*tfl3d1_16ns",
    "ImageType": [
        "ORIGINAL",
        "PRIMARY",
        "M",
        "ND",
        "NORM"
    ],
    "SeriesNumber": 5,
    "AcquisitionTime": "11:35:29.035000",
    "AcquisitionNumber": 1,
    "SliceThickness": 1,
    "SAR": 0.0578253,
    "EchoTime": 0.00226,
    "RepetitionTime": 2.3,
    "SpoilingState": true,
    "InversionTime": 0.903,
    "FlipAngle": 8,
    "PartialFourier": 1,
    "BaseResolution": 256,
    "ShimSetting": [
        9305,
        -6635,
        -11277,
        -118,
        456,
        -136,
        25,
        -90
    ],
    "TxRefAmp": 374.893,
    "PhaseResolution": 1,
    "ReceiveCoilName": "HeadNeck_20",
    "ReceiveCoilActiveElements": "HE1-4",
    "PulseSequenceDetails": "%SiemensSeq%\\tfl",
    "RefLinesPE": 24,
    "CoilCombinationMethod": "Adaptive Combine",
    "ConsistencyInfo": "N4_VE11A_LATEST_20140830",
    "MatrixCoilMode": "GRAPPA",
    "PercentPhaseFOV": 100,
    "PercentSampling": 100,
    "PhaseEncodingSteps": 255,
    "AcquisitionMatrixPE": 256,
    "ReconMatrixPE": 256,
    "ParallelReductionFactorInPlane": 2,
    "PixelBandwidth": 200,
    "DwellTime": 9.8e-06,
    "ImageOrientationPatientDICOM": [
        0.105703,
        0.994398,
        -1.50114e-08,
        0.039461,
        -0.00419468,
        -0.999212
    ],
    "ImageOrientationText": "Sag>Cor(6.1)>Tra(-2.3)",
    "InPlanePhaseEncodingDirectionDICOM": "ROW",
    "ConversionSoftware": "dcm2niix",
    "ConversionSoftwareVersion": "v1.0.20211006",
    "Dcm2bidsVersion": "2.1.6",
    "IntendedFor": "ses-post/func/sub-07_ses-post_task-rest_bold.nii.gz"
}